GEM
  remote: https://rubygems.org/
  specs:
    builder (3.2.2)
    excon (0.31.0)
    fog (1.19.0)
      builder
      excon (~> 0.31.0)
      formatador (~> 0.2.0)
      mime-types
      multi_json (~> 1.0)
      net-scp (~> 1.1)
      net-ssh (>= 2.1.3)
      nokogiri (~> 1.5)
      ruby-hmac
    formatador (0.2.5)
    git (1.2.7)
    json (1.8.1)
    mime-types (1.25.1)
    multi_json (1.10.1)
    net-scp (1.2.1)
      net-ssh (>= 2.6.5)
    net-ssh (2.9.1)
    nokogiri (1.5.11)
    rainbow (1.99.2)
    rbx-require-relative (0.0.9)
    ruby-hmac (0.4.0)
    thor (0.16.0)

PLATFORMS
  ruby

DEPENDENCIES
  excon (= 0.31.0)
  fog (= 1.19.0)
  git (>= 1.2.7)
  json
  mime-types (= 1.25.1)
  nokogiri (= 1.5.11)
  rainbow
  rbx-require-relative (~> 0.0.7)
  thor (~> 0.16.0)
